GIT
  remote: git://github.com/andrew/split.git
  revision: f767cb79eb0ccc6d26a9b06a0dfe36a7bdc9cf68
  specs:
    split (0.7.3)
      redis (>= 2.1)
      redis-namespace (>= 1.1.0)
      simple-random
      sinatra (>= 1.2.6)

GEM
  remote: https://rubygems.org/
  specs:
    capistrano (3.2.1)
      i18n
      rake (>= 10.0.0)
      sshkit (~> 1.3)
    capistrano-ext (1.2.1)
      capistrano (>= 1.0.0)
    colorize (0.7.3)
    i18n (0.6.11)
    minitest (5.4.1)
    net-scp (1.2.1)
      net-ssh (>= 2.6.5)
    net-ssh (2.9.1)
    rack (1.5.2)
    rack-protection (1.5.3)
      rack
    rack-test (0.6.2)
      rack (>= 1.0)
    rake (10.3.2)
    redis (3.1.0)
    redis-namespace (1.5.1)
      redis (~> 3.0, >= 3.0.4)
    sequel (4.14.0)
    simple-random (1.0.0)
    sinatra (1.4.5)
      rack (~> 1.4)
      rack-protection (~> 1.4)
      tilt (~> 1.3, >= 1.3.4)
    sqlite3 (1.3.9)
    sshkit (1.5.1)
      colorize
      net-scp (>= 1.1.2)
      net-ssh (>= 2.8.0)
    tilt (1.4.1)

PLATFORMS
  ruby

DEPENDENCIES
  capistrano
  capistrano-ext
  minitest (~> 5.2)
  rack-test (~> 0.6)
  rake (~> 10.0)
  sequel
  sinatra (~> 1.4)
  split!
  sqlite3
